GEM
  remote: https://rubygems.org/
  specs:
    activemodel (6.1.4.1)
      activesupport (= 6.1.4.1)
    activerecord (6.1.4.1)
      activemodel (= 6.1.4.1)
      activesupport (= 6.1.4.1)
    activesupport (6.1.4.1)
      concurrent-ruby (~> 1.0, >= 1.0.2)
      i18n (>= 1.6, < 2)
      minitest (>= 5.1)
      tzinfo (~> 2.0)
      zeitwerk (~> 2.3)
    coderay (1.1.3)
    concurrent-ruby (1.1.9)
    dotenv (2.7.6)
    graphql (1.12.17)
    i18n (1.8.10)
      concurrent-ruby (~> 1.0)
    method_source (1.0.0)
    minitest (5.14.4)
    multi_json (1.15.0)
    mustermann (1.1.1)
      ruby2_keywords (~> 0.0.1)
    nio4r (2.5.8)
    pry (0.14.1)
      coderay (~> 1.1)
      method_source (~> 1.0)
    puma (5.1.1)
      nio4r (~> 2.0)
    rack (2.2.3)
    rack-contrib (2.3.0)
      rack (~> 2.0)
    rack-protection (2.1.0)
      rack
    rake (13.0.6)
    ruby2_keywords (0.0.5)
    sinatra (2.1.0)
      mustermann (~> 1.0)
      rack (~> 2.2)
      rack-protection (= 2.1.0)
      tilt (~> 2.0)
    sinatra-activerecord (2.0.23)
      activerecord (>= 4.1)
      sinatra (>= 1.0)
    sinatra-contrib (2.1.0)
      multi_json
      mustermann (~> 1.0)
      rack-protection (= 2.1.0)
      sinatra (= 2.1.0)
      tilt (~> 2.0)
    sqlite3 (1.4.2)
    tilt (2.0.10)
    tzinfo (2.0.4)
      concurrent-ruby (~> 1.0)
    zeitwerk (2.4.2)

PLATFORMS
  x86_64-linux

DEPENDENCIES
  dotenv
  graphql
  pry
  puma (~> 5.1.1)
  rack-contrib (~> 2.3.0)
  rake
  sinatra
  sinatra-activerecord
  sinatra-contrib
  sqlite3

BUNDLED WITH
   2.2.22
